GEM
  remote: http://rubygems.org/
  specs:
    amq-protocol (2.0.1)
    bunny (2.5.1)
      amq-protocol (>= 2.0.1)
    daemons (1.2.4)
    eventmachine (1.2.0.1)
    json (2.0.2)
    rabbitmq-service-util (0.3)
      json
    rack (1.6.4)
    rack-protection (1.5.3)
      rack
    sinatra (1.4.7)
      rack (~> 1.5)
      rack-protection (~> 1.4)
      tilt (>= 1.3, < 3)
    thin (1.7.0)
      daemons (~> 1.0, >= 1.0.9)
      eventmachine (~> 1.0, >= 1.0.4)
      rack (>= 1, < 3)
    tilt (2.0.5)

PLATFORMS
  ruby

DEPENDENCIES
  bunny
  rabbitmq-service-util
  sinatra
  thin

BUNDLED WITH
   1.12.5
